GIT
  remote: https://github.com/fmrl/rubrstmp.git
  revision: e9ea240dfcc7257530f8984e0c4be857059c45b6
  specs:
    rubrstmp (0.1.1)
      case
      ptools

GEM
  remote: https://rubygems.org/
  specs:
    case (0.5.2.1)
    ptools (1.3.3)
    rake (11.1.2)

PLATFORMS
  ruby

DEPENDENCIES
  rake
  rubrstmp!

BUNDLED WITH
   1.12.5
