GIT
  remote: https://github.com/fmrl/rubrstmp.git
  revision: 9553218f61c0dde3699bc3176465895d9cade2bc
  specs:
    rubrstmp (0.1.2)
      case
      ptools

GEM
  remote: https://rubygems.org/
  specs:
    case (0.5.2.1)
    ffi (1.9.14-x64-mingw32)
    ffi-win32-extensions (1.0.2)
      ffi
    ptools (1.3.3)
    ptools (1.3.3-universal-mingw32)
      win32-file (>= 0.7.0)
    rake (11.2.2)
    win32-file (0.8.1)
      ffi
      ffi-win32-extensions
      win32-file-stat (>= 1.4.0)
    win32-file-stat (1.5.5)
      ffi
      ffi-win32-extensions

PLATFORMS
  ruby
  x64-mingw32

DEPENDENCIES
  rake
  rubrstmp!

BUNDLED WITH
   1.13.1
