GIT
  remote: https://github.com/fmrl/rubrstmp.git
  revision: e9ea240dfcc7257530f8984e0c4be857059c45b6
  specs:
    rubrstmp (0.1.1)
      case
      ptools

GEM
  remote: https://rubygems.org/
  specs:
    case (0.5.2.1)
    ffi (1.9.10-x64-mingw32)
    ffi-win32-extensions (1.0.1)
      ffi
    ptools (1.3.3)
    ptools (1.3.3-universal-mingw32)
      win32-file (>= 0.7.0)
    rake (11.1.2)
    win32-file (0.8.0)
      ffi
      win32-file-stat (>= 1.4.0)
    win32-file-stat (1.5.3)
      ffi
      ffi-win32-extensions

PLATFORMS
  ruby
  x64-mingw32

DEPENDENCIES
  rake
  rubrstmp!

BUNDLED WITH
   1.12.5
