GIT
  remote: https://github.com/fmrl/rubrstmp.git
  revision: 9553218f61c0dde3699bc3176465895d9cade2bc
  specs:
    rubrstmp (0.1.2)
      case
      ptools

GEM
  remote: https://rubygems.org/
  specs:
    case (0.5.2.1)
    ptools (1.3.3)
    rake (11.1.2)

PLATFORMS
  ruby

DEPENDENCIES
  rake
  rubrstmp!

BUNDLED WITH
   1.12.5
